PATH
  remote: .
  specs:
    geeo_code (0.0.1)
      yajl-ruby (~> 0.7)

GEM
  remote: http://rubygems.org/
  specs:
    yajl-ruby (0.7.8)

PLATFORMS
  ruby

DEPENDENCIES
  bundler (>= 1.0.3)
  geeo_code!
  yajl-ruby (~> 0.7)
